PATH
  remote: .
  specs:
    github_api (0.4.8)
      faraday (~> 0.7.6)
      hashie (~> 1.2.0)
      multi_json (~> 1.1.0)
      oauth2 (~> 0.5.2)

GEM
  remote: http://rubygems.org/
  specs:
    addressable (2.2.7)
    builder (3.0.0)
    crack (0.3.1)
    cucumber (1.1.9)
      builder (>= 2.1.2)
      diff-lcs (>= 1.1.2)
      gherkin (~> 2.9.0)
      json (>= 1.4.6)
      term-ansicolor (>= 1.0.6)
    diff-lcs (1.1.3)
    faraday (0.7.6)
      addressable (~> 2.2)
      multipart-post (~> 1.1)
      rack (~> 1.1)
    gherkin (2.9.0)
      json (>= 1.4.6)
    growl (1.0.3)
    growl_notify (0.0.3)
      rb-appscript
    guard (0.8.8)
      thor (~> 0.14.6)
    guard-cucumber (0.7.4)
      cucumber (>= 0.10)
      guard (>= 0.8.3)
    guard-rspec (0.5.7)
      guard (>= 0.8.4)
    hashie (1.2.0)
    json (1.6.5)
    multi_json (1.1.0)
    multipart-post (1.1.5)
    oauth2 (0.5.2)
      faraday (~> 0.7)
      multi_json (~> 1.0)
    rack (1.4.1)
    rake (0.9.2.2)
    rb-appscript (0.6.1)
    rb-fsevent (0.9.0)
    rspec (2.8.0)
      rspec-core (~> 2.8.0)
      rspec-expectations (~> 2.8.0)
      rspec-mocks (~> 2.8.0)
    rspec-core (2.8.0)
    rspec-expectations (2.8.0)
      diff-lcs (~> 1.1.2)
    rspec-mocks (2.8.0)
    simplecov (0.6.1)
      multi_json (~> 1.0)
      simplecov-html (~> 0.5.3)
    simplecov-html (0.5.3)
    term-ansicolor (1.0.7)
    thor (0.14.6)
    vcr (2.0.0)
    webmock (1.8.0)
      addressable (>= 2.2.7)
      crack (>= 0.1.7)
    yajl-ruby (1.1.0)

PLATFORMS
  ruby

DEPENDENCIES
  bundler
  cucumber
  github_api!
  growl
  growl_notify
  guard (~> 0.8.8)
  guard-cucumber (= 0.7.4)
  guard-rspec (= 0.5.7)
  rake
  rb-fsevent
  rspec (~> 2.8.0)
  simplecov (~> 0.6.1)
  vcr (~> 2.0.0)
  webmock (~> 1.8.0)
  yajl-ruby (~> 1.1.0)
